GEM
  remote: https://rubygems.org/
  specs:
    byebug (11.1.3)
    coderay (1.1.3)
    method_source (1.0.0)
    oauth (0.5.6)
    pry (0.13.1)
      coderay (~> 1.1)
      method_source (~> 1.0)
    ruby_jard (0.3.1)
      byebug (>= 9.1, < 12.0)
      pry (~> 0.13.0)
      tty-screen (~> 0.8.1)
    tty-screen (0.8.1)

PLATFORMS
  arm64-darwin-20

DEPENDENCIES
  oauth
  ruby_jard

BUNDLED WITH
   2.2.22
